GIT
  remote: git://github.com/watsonbox/pocketsphinx-ruby.git
  revision: f2f562bdc66b86f08631a6bd9d348c73823a3d45
  ref: f2f562b
  specs:
    pocketsphinx-ruby (0.3.0)
      ffi (>= 1.9)

GEM
  remote: https://rubygems.org/
  specs:
    coderay (1.1.3)
    espeak-ruby (1.0.4)
    ffi (1.12.2)
    method_source (1.0.0)
    ordinator (1.0.2)
    pry (0.14.0)
      coderay (~> 1.1)
      method_source (~> 1.0)
    rake (13.0.1)
    require_all (3.0.0)

PLATFORMS
  ruby

DEPENDENCIES
  espeak-ruby
  ordinator
  pocketsphinx-ruby!
  pry
  rake
  require_all

BUNDLED WITH
   1.11.2
